PATH
  remote: .
  specs:
    giternal (0.2.0)
      git (~> 1.2)
      log4r (~> 1.1)

GEM
  remote: http://rubygems.org/
  specs:
    builder (3.0.0)
    coderay (1.0.7)
    cucumber (1.2.1)
      builder (>= 2.1.2)
      diff-lcs (>= 1.1.3)
      gherkin (~> 2.11.0)
      json (>= 1.4.6)
    diff-lcs (1.1.3)
    gherkin (2.11.1)
      json (>= 1.4.6)
    git (1.2.5)
    json (1.7.4)
    log4r (1.1.10)
    method_source (0.8)
    multi_json (1.3.6)
    pry (0.9.10)
      coderay (~> 1.0.5)
      method_source (~> 0.8)
      slop (~> 3.3.1)
    rake (0.9.2.2)
    rspec (2.11.0)
      rspec-core (~> 2.11.0)
      rspec-expectations (~> 2.11.0)
      rspec-mocks (~> 2.11.0)
    rspec-core (2.11.1)
    rspec-expectations (2.11.2)
      diff-lcs (~> 1.1.3)
    rspec-mocks (2.11.1)
    simplecov (0.6.4)
      multi_json (~> 1.0)
      simplecov-html (~> 0.5.3)
    simplecov-html (0.5.3)
    slop (3.3.2)

PLATFORMS
  ruby

DEPENDENCIES
  cucumber (~> 1)
  giternal!
  pry
  rake (~> 0.9)
  rspec (~> 2)
  simplecov
